GEM
  remote: https://rubygems.org/
  specs:
    iconv (1.0.8)
    oj (3.10.0)
    rubyzip (2.0.0)

PLATFORMS
  ruby

DEPENDENCIES
  iconv (~> 1.0)
  oj (~> 3.10)
  rubyzip (~> 2.0)

BUNDLED WITH
   2.0.2
